GEM
  remote: https://rubygems.org/
  specs:
    actioncable (5.1.6)
      actionpack (= 5.1.6)
      nio4r (~> 2.0)
      websocket-driver (~> 0.6.1)
    actionmailer (5.1.6)
      actionpack (= 5.1.6)
      actionview (= 5.1.6)
      activejob (= 5.1.6)
      mail (~> 2.5, >= 2.5.4)
      rails-dom-testing (~> 2.0)
    actionpack (5.1.6)
      actionview (= 5.1.6)
      activesupport (= 5.1.6)
      rack (~> 2.0)
      rack-test (>= 0.6.3)
      rails-dom-testing (~> 2.0)
      rails-html-sanitizer (~> 1.0, >= 1.0.2)
    actionview (5.1.6)
      activesupport (= 5.1.6)
      builder (~> 3.1)
      erubi (~> 1.4)
      rails-dom-testing (~> 2.0)
      rails-html-sanitizer (~> 1.0, >= 1.0.3)
    activejob (5.1.6)
      activesupport (= 5.1.6)
      globalid (>= 0.3.6)
    activemodel (5.1.6)
      activesupport (= 5.1.6)
    activerecord (5.1.6)
      activemodel (= 5.1.6)
      activesupport (= 5.1.6)
      arel (~> 8.0)
    activesupport (5.1.6)
      concurrent-ruby (~> 1.0, >= 1.0.2)
      i18n (>= 0.7, < 2)
      minitest (~> 5.1)
      tzinfo (~> 1.1)
    addressable (2.5.2)
      public_suffix (>= 2.0.2, < 4.0)
    arel (8.0.0)
    bindex (0.5.0)
    builder (3.2.3)
    bulma (0.1.0)
    byebug (10.0.2)
    capybara (2.18.0)
      addressable
      mini_mime (>= 0.1.3)
      nokogiri (>= 1.3.3)
      rack (>= 1.0.0)
      rack-test (>= 0.5.4)
      xpath (>= 2.0, < 4.0)
    childprocess (0.9.0)
      ffi (~> 1.0, >= 1.0.11)
    coffee-rails (4.2.2)
      coffee-script (>= 2.2.0)
      railties (>= 4.0.0)
    coffee-script (2.4.1)
      coffee-script-source
      execjs
    coffee-script-source (1.12.2)
    concurrent-ruby (1.0.5)
    crass (1.0.4)
    declarative (0.0.10)
    declarative-option (0.1.0)
    digest-crc (0.4.1)
    domain_name (0.5.20180417)
      unf (>= 0.0.5, < 1.0.0)
    dotenv (2.4.0)
    dotenv-rails (2.4.0)
      dotenv (= 2.4.0)
      railties (>= 3.2, < 6.0)
    erubi (1.7.1)
    execjs (2.7.0)
    faraday (0.15.0)
      multipart-post (>= 1.2, < 3)
    ffi (1.9.23)
    globalid (0.4.1)
      activesupport (>= 4.2.0)
    google-api-client (0.19.8)
      addressable (~> 2.5, >= 2.5.1)
      googleauth (>= 0.5, < 0.7.0)
      httpclient (>= 2.8.1, < 3.0)
      mime-types (~> 3.0)
      representable (~> 3.0)
      retriable (>= 2.0, < 4.0)
    google-cloud (0.52.0)
      google-cloud-bigquery (~> 1.1)
      google-cloud-bigquery-data_transfer (~> 0.1)
      google-cloud-container (~> 0.1)
      google-cloud-dataproc (~> 0.1)
      google-cloud-datastore (~> 1.4)
      google-cloud-dialogflow (~> 0.1)
      google-cloud-dlp (~> 0.3)
      google-cloud-dns (~> 0.28)
      google-cloud-error_reporting (~> 0.30)
      google-cloud-firestore (~> 0.21)
      google-cloud-language (~> 0.30)
      google-cloud-logging (~> 1.5)
      google-cloud-monitoring (~> 0.27)
      google-cloud-os_login (~> 0.1)
      google-cloud-pubsub (~> 0.30)
      google-cloud-resource_manager (~> 0.29)
      google-cloud-spanner (~> 1.3)
      google-cloud-speech (~> 0.29)
      google-cloud-storage (~> 1.10)
      google-cloud-trace (~> 0.31)
      google-cloud-translate (~> 1.2)
      google-cloud-video_intelligence (~> 1.0)
      google-cloud-vision (~> 0.28)
    google-cloud-bigquery (1.3.0)
      concurrent-ruby (~> 1.0)
      google-api-client (~> 0.19.8)
      google-cloud-core (~> 1.2)
      googleauth (~> 0.6.2)
    google-cloud-bigquery-data_transfer (0.1.0)
      google-gax (~> 1.0)
    google-cloud-container (0.1.0)
      google-gax (~> 1.0.1)
    google-cloud-core (1.2.0)
      google-cloud-env (~> 1.0)
    google-cloud-dataproc (0.1.0)
      google-gax (~> 1.0.0)
    google-cloud-datastore (1.4.0)
      google-cloud-core (~> 1.2)
      google-gax (~> 1.0)
      google-protobuf (~> 3.3)
    google-cloud-dialogflow (0.1.0)
      google-gax (~> 1.0)
    google-cloud-dlp (0.3.0)
      google-gax (~> 1.0)
    google-cloud-dns (0.28.0)
      google-api-client (~> 0.19.0)
      google-cloud-core (~> 1.2)
      googleauth (~> 0.6.2)
      zonefile (~> 1.04)
    google-cloud-env (1.0.1)
      faraday (~> 0.11)
    google-cloud-error_reporting (0.30.0)
      google-cloud-core (~> 1.2)
      google-gax (~> 1.0)
      stackdriver-core (~> 1.3)
    google-cloud-firestore (0.21.0)
      concurrent-ruby (~> 1.0)
      google-cloud-core (~> 1.2)
      google-gax (~> 1.0)
    google-cloud-language (0.30.0)
      google-gax (~> 1.0)
    google-cloud-logging (1.5.0)
      google-cloud-core (~> 1.2)
      google-gax (~> 1.0)
      stackdriver-core (~> 1.3)
    google-cloud-monitoring (0.28.0)
      google-gax (~> 1.0)
    google-cloud-os_login (0.1.0)
      google-gax (~> 1.0.0)
    google-cloud-pubsub (0.30.2)
      concurrent-ruby (~> 1.0)
      google-cloud-core (~> 1.2)
      google-gax (~> 1.0)
      grpc-google-iam-v1 (~> 0.6.9)
    google-cloud-resource_manager (0.29.0)
      google-api-client (~> 0.19.8)
      google-cloud-core (~> 1.2)
      googleauth (~> 0.6.2)
    google-cloud-spanner (1.4.0)
      concurrent-ruby (~> 1.0)
      google-cloud-core (~> 1.2)
      google-gax (~> 1.0)
      grpc-google-iam-v1 (~> 0.6.9)
    google-cloud-speech (0.29.0)
      google-cloud-core (~> 1.2)
      google-gax (~> 1.0)
    google-cloud-storage (1.10.0)
      digest-crc (~> 0.4)
      google-api-client (~> 0.19.0)
      google-cloud-core (~> 1.2)
      googleauth (~> 0.6.2)
    google-cloud-trace (0.31.0)
      google-cloud-core (~> 1.2)
      google-gax (~> 1.0)
      stackdriver-core (~> 1.3)
    google-cloud-translate (1.2.0)
      faraday (~> 0.13)
      google-cloud-core (~> 1.2)
      googleauth (~> 0.6.2)
    google-cloud-video_intelligence (1.0.0)
      google-gax (~> 1.0)
    google-cloud-vision (0.28.0)
      google-cloud-core (~> 1.2)
      google-gax (~> 1.0)
    google-gax (1.0.1)
      google-protobuf (~> 3.2)
      googleapis-common-protos (>= 1.3.5, < 2.0)
      googleauth (~> 0.6.2)
      grpc (>= 1.7.2, < 2.0)
      rly (~> 0.2.3)
    google-protobuf (3.5.1.2)
    googleapis-common-protos (1.3.7)
      google-protobuf (~> 3.0)
      googleapis-common-protos-types (~> 1.0)
      grpc (~> 1.0)
    googleapis-common-protos-types (1.0.1)
      google-protobuf (~> 3.0)
    googleauth (0.6.2)
      faraday (~> 0.12)
      jwt (>= 1.4, < 3.0)
      logging (~> 2.0)
      memoist (~> 0.12)
      multi_json (~> 1.11)
      os (~> 0.9)
      signet (~> 0.7)
    grpc (1.11.0)
      google-protobuf (~> 3.1)
      googleapis-common-protos-types (~> 1.0.0)
      googleauth (>= 0.5.1, < 0.7)
    grpc-google-iam-v1 (0.6.9)
      googleapis-common-protos (>= 1.3.1, < 2.0)
      grpc (~> 1.0)
    http-cookie (1.0.3)
      domain_name (~> 0.5)
    httpclient (2.8.3)
    i18n (1.0.1)
      concurrent-ruby (~> 1.0)
    jbuilder (2.7.0)
      activesupport (>= 4.2.0)
      multi_json (>= 1.2)
    json (2.1.0)
    jwt (2.1.0)
    listen (3.1.5)
      rb-fsevent (~> 0.9, >= 0.9.4)
      rb-inotify (~> 0.9, >= 0.9.7)
      ruby_dep (~> 1.2)
    little-plugger (1.1.4)
    logging (2.2.2)
      little-plugger (~> 1.1)
      multi_json (~> 1.10)
    loofah (2.2.2)
      crass (~> 1.0.2)
      nokogiri (>= 1.5.9)
    mail (2.7.0)
      mini_mime (>= 0.1.1)
    memoist (0.16.0)
    method_source (0.9.0)
    mime-types (3.1)
      mime-types-data (~> 3.2015)
    mime-types-data (3.2016.0521)
    mini_mime (1.0.0)
    mini_portile2 (2.6.1)
    minitest (5.11.3)
    multi_json (1.13.1)
    multipart-post (2.0.0)
    netrc (0.11.0)
    nio4r (2.3.0)
    nokogiri (1.12.5)
      mini_portile2 (~> 2.6.1)
      racc (~> 1.4)
    os (0.9.6)
    public_suffix (3.0.2)
    puma (3.11.4)
    racc (1.5.2)
    rack (2.0.4)
    rack-test (1.0.0)
      rack (>= 1.0, < 3)
    rails (5.1.6)
      actioncable (= 5.1.6)
      actionmailer (= 5.1.6)
      actionpack (= 5.1.6)
      actionview (= 5.1.6)
      activejob (= 5.1.6)
      activemodel (= 5.1.6)
      activerecord (= 5.1.6)
      activesupport (= 5.1.6)
      bundler (>= 1.3.0)
      railties (= 5.1.6)
      sprockets-rails (>= 2.0.0)
    rails-dom-testing (2.0.3)
      activesupport (>= 4.2.0)
      nokogiri (>= 1.6)
    rails-html-sanitizer (1.0.4)
      loofah (~> 2.2, >= 2.2.2)
    railties (5.1.6)
      actionpack (= 5.1.6)
      activesupport (= 5.1.6)
      method_source
      rake (>= 0.8.7)
      thor (>= 0.18.1, < 2.0)
    rake (12.3.1)
    rapidapi_connect (0.1.0)
    rb-fsevent (0.10.3)
    rb-inotify (0.9.10)
      ffi (>= 0.5.0, < 2)
    representable (3.0.4)
      declarative (< 0.1.0)
      declarative-option (< 0.2.0)
      uber (< 0.2.0)
    rest-client (2.0.2)
      http-cookie (>= 1.0.2, < 2.0)
      mime-types (>= 1.16, < 4.0)
      netrc (~> 0.8)
    retriable (3.1.1)
    rly (0.2.3)
    ruby_dep (1.5.0)
    rubyzip (1.2.1)
    sass (3.5.6)
      sass-listen (~> 4.0.0)
    sass-listen (4.0.0)
      rb-fsevent (~> 0.9, >= 0.9.4)
      rb-inotify (~> 0.9, >= 0.9.7)
    sass-rails (5.0.7)
      railties (>= 4.0.0, < 6)
      sass (~> 3.1)
      sprockets (>= 2.8, < 4.0)
      sprockets-rails (>= 2.0, < 4.0)
      tilt (>= 1.1, < 3)
    selenium-webdriver (3.11.0)
      childprocess (~> 0.5)
      rubyzip (~> 1.2)
    signet (0.8.1)
      addressable (~> 2.3)
      faraday (~> 0.9)
      jwt (>= 1.5, < 3.0)
      multi_json (~> 1.10)
    spring (2.0.2)
      activesupport (>= 4.2)
    spring-watcher-listen (2.0.1)
      listen (>= 2.7, < 4.0)
      spring (>= 1.2, < 3.0)
    sprockets (3.7.1)
      concurrent-ruby (~> 1.0)
      rack (> 1, < 3)
    sprockets-rails (3.2.1)
      actionpack (>= 4.0)
      activesupport (>= 4.0)
      sprockets (>= 3.0.0)
    sqlite3 (1.3.13)
    stackdriver-core (1.3.0)
      google-cloud-core (~> 1.2)
    thor (0.20.0)
    thread_safe (0.3.6)
    tilt (2.0.8)
    turbolinks (5.1.1)
      turbolinks-source (~> 5.1)
    turbolinks-source (5.1.0)
    tzinfo (1.2.5)
      thread_safe (~> 0.1)
    uber (0.1.0)
    uglifier (4.1.10)
      execjs (>= 0.3.0, < 3)
    unf (0.1.4)
      unf_ext
    unf_ext (0.0.7.5)
    unirest (1.0.8)
      addressable
      json
      rest-client
    web-console (3.6.1)
      actionview (>= 5.0)
      activemodel (>= 5.0)
      bindex (>= 0.4.0)
      railties (>= 5.0)
    websocket-driver (0.6.5)
      websocket-extensions (>= 0.1.0)
    websocket-extensions (0.1.3)
    xpath (3.0.0)
      nokogiri (~> 1.8)
    zonefile (1.06)

PLATFORMS
  ruby

DEPENDENCIES
  bulma (~> 0.1.0)
  byebug
  capybara (~> 2.13)
  coffee-rails (~> 4.2)
  dotenv-rails
  google-cloud
  google-cloud-vision
  jbuilder (~> 2.5)
  listen (>= 3.0.5, < 3.2)
  puma (~> 3.7)
  rails (~> 5.1.5)
  rapidapi_connect
  sass-rails (~> 5.0)
  selenium-webdriver
  spring
  spring-watcher-listen (~> 2.0.0)
  sqlite3
  turbolinks (~> 5)
  tzinfo-data
  uglifier (>= 1.3.0)
  unirest
  web-console (>= 3.3.0)

BUNDLED WITH
   1.16.1
